GEM
  specs:
    rake (12.3.3)

PLATFORMS
  x64-mingw32

DEPENDENCIES
  rake

RUBY VERSION
   ruby 2.6.6p146

BUNDLED WITH
   2.1.4
